GEM
  remote: http://rubygems.org/
  specs:
    nokogiri (1.5.0)

PLATFORMS
  ruby

DEPENDENCIES
  nokogiri
