GEM
  remote: http://rubygems.org/
  specs:
    json (1.6.1)
    nokogiri (1.5.0)
    rake (0.9.2)

PLATFORMS
  ruby

DEPENDENCIES
  json
  nokogiri
  rake
