GEM
  remote: http://rubygems.org/
  specs:
    json (1.6.1)
    metaclass (0.0.1)
    mocha (0.10.0)
      metaclass (~> 0.0.1)
    nokogiri (1.5.0)
    rake (0.9.2)

PLATFORMS
  ruby

DEPENDENCIES
  json
  mocha
  nokogiri
  rake
